GIT
  remote: https://github.com/bitzlato/money.git
  revision: 6f9550e1e13eb4386c7490d8d5390e55c113cefb
  branch: main
  specs:
    money (6.17.0)
      i18n (>= 0.6.4, <= 2)

GIT
  remote: https://github.com/bitzlato/peatio-core.git
  revision: 9632af02ce73c1a1189efd7a02ae158087f03c8f
  specs:
    peatio (2.6.4)
      activemodel (> 5.2)
      amqp
      bunny
      clamp
      em-synchrony (~> 1.0)
      em-websocket
      eventmachine
      faraday_middleware (~> 1.0)
      faye (~> 1.2)
      jwt
      prometheus-client
      thin

GIT
  remote: https://github.com/bitzlato/ruby-solana.git
  revision: 3c615fb6dae08104321bbe75d0be6d65b84fe99d
  specs:
    solana (0.1.0)
      base58 (~> 0.2.3)
      ed25519 (~> 1.3.0)

GIT
  remote: https://github.com/brandymint/capistrano-systemd-multiservice.git
  revision: 47c98c65aa3d8f601efa4b947faf249c5abc9cab
  specs:
    capistrano-systemd-multiservice (0.1.0.beta12)
      capistrano (>= 3.7.0, < 3.17.0)

GIT
  remote: https://github.com/brandymint/capistrano-tasks.git
  revision: ed94c975c36a7ba41a173bddf6dba46034ca41e2
  specs:
    capistrano-tasks (0.0.1)

GIT
  remote: https://github.com/caspark/guard-rspec.git
  revision: 407ef8c62f3abad575bb66d53c02ba062a5ee8af
  specs:
    guard-rspec (4.7.3)
      guard (~> 2.1)
      guard-compat (~> 1.1)

GIT
  remote: https://github.com/finfex/bitzlato.git
  revision: 76760712d4e91654214191d9a1cb652d47c1e03f
  branch: main
  specs:
    bitzlato (0.1.9)
      faraday (>= 0.17)
      json (~> 2.0)
      jwt (~> 2.3.0.dev)

GIT
  remote: https://github.com/seuros/capistrano-puma.git
  revision: 285b45f51d0662e760cc5e75f15614589a2be170
  specs:
    capistrano3-puma (5.0.4)
      capistrano (~> 3.7)
      capistrano-bundler
      puma (>= 4.0, < 6.0)

GEM
  remote: https://rubygems.org/
  specs:
    aasm (5.2.0)
      concurrent-ruby (~> 1.0)
    actioncable (6.0.5)
      actionpack (= 6.0.5)
      nio4r (~> 2.0)
      websocket-driver (>= 0.6.1)
    actionmailbox (6.0.5)
      actionpack (= 6.0.5)
      activejob (= 6.0.5)
      activerecord (= 6.0.5)
      activestorage (= 6.0.5)
      activesupport (= 6.0.5)
      mail (>= 2.7.1)
    actionmailer (6.0.5)
      actionpack (= 6.0.5)
      actionview (= 6.0.5)
      activejob (= 6.0.5)
      mail (~> 2.5, >= 2.5.4)
      rails-dom-testing (~> 2.0)
    actionpack (6.0.5)
      actionview (= 6.0.5)
      activesupport (= 6.0.5)
      rack (~> 2.0, >= 2.0.8)
      rack-test (>= 0.6.3)
      rails-dom-testing (~> 2.0)
      rails-html-sanitizer (~> 1.0, >= 1.2.0)
    actiontext (6.0.5)
      actionpack (= 6.0.5)
      activerecord (= 6.0.5)
      activestorage (= 6.0.5)
      activesupport (= 6.0.5)
      nokogiri (>= 1.8.5)
    actionview (6.0.5)
      activesupport (= 6.0.5)
      builder (~> 3.1)
      erubi (~> 1.4)
      rails-dom-testing (~> 2.0)
      rails-html-sanitizer (~> 1.1, >= 1.2.0)
    active_record_upsert (0.10.1)
      activerecord (>= 5.0, < 6.2)
      pg (>= 0.18, < 2.0)
    activejob (6.0.5)
      activesupport (= 6.0.5)
      globalid (>= 0.3.6)
    activemodel (6.0.5)
      activesupport (= 6.0.5)
    activerecord (6.0.5)
      activemodel (= 6.0.5)
      activesupport (= 6.0.5)
    activestorage (6.0.5)
      actionpack (= 6.0.5)
      activejob (= 6.0.5)
      activerecord (= 6.0.5)
      marcel (~> 1.0)
    activesupport (6.0.5)
      concurrent-ruby (~> 1.0, >= 1.0.2)
      i18n (>= 0.7, < 2)
      minitest (~> 5.1)
      tzinfo (~> 1.1)
      zeitwerk (~> 2.2, >= 2.2.2)
    addressable (2.8.0)
      public_suffix (>= 2.0.2, < 5.0)
    adequate_crypto_address (0.1.5)
      base58 (~> 0.2.3)
      digest-sha3 (~> 1.1.0)
    after_commit_everywhere (1.1.0)
      activerecord (>= 4.2)
      activesupport
    airbrussh (1.4.0)
      sshkit (>= 1.6.1, != 1.7.0)
    amazing_print (1.3.0)
    amq-protocol (2.3.2)
    amqp (1.8.0)
      amq-protocol (>= 2.2.0)
      eventmachine
    annotate (3.1.1)
      activerecord (>= 3.2, < 7.0)
      rake (>= 10.4, < 14.0)
    anyway_config (2.3.0)
      ruby-next-core (>= 0.14.0)
    ast (2.4.2)
    aws-eventstream (1.2.0)
    aws-sigv4 (1.4.0)
      aws-eventstream (~> 1, >= 1.0.2)
    base58 (0.2.3)
    bootsnap (1.11.1)
      msgpack (~> 1.2)
    brakeman (5.2.3)
    bugsnag (6.24.2)
      concurrent-ruby (~> 1.0)
    bugsnag-capistrano (2.1.0)
    builder (3.2.4)
    bullet (7.0.2)
      activesupport (>= 3.0.0)
      uniform_notifier (~> 1.11)
    bump (0.10.0)
    bundler-audit (0.9.1)
      bundler (>= 1.2.0, < 3)
      thor (~> 1.0)
    bunny (2.14.4)
      amq-protocol (~> 2.3, >= 2.3.0)
    byebug (11.1.3)
    cancancan (3.1.0)
    capistrano (3.16.0)
      airbrussh (>= 1.0.0)
      i18n
      rake (>= 10.0.0)
      sshkit (>= 1.9.0)
    capistrano-bundler (2.0.1)
      capistrano (~> 3.1)
    capistrano-db-tasks (0.6)
      capistrano (>= 3.0.0)
    capistrano-dotenv (0.0.5)
      capistrano (>= 3.5.0, < 4.0.0)
    capistrano-dotenv-tasks (0.1.5)
      capistrano (~> 3.0)
    capistrano-git-with-submodules (2.0.4)
      capistrano (~> 3.7)
    capistrano-rails (1.6.1)
      capistrano (~> 3.1)
      capistrano-bundler (>= 1.1, < 3)
    capistrano-rails-console (2.3.0)
      capistrano (>= 3.5.0, < 4.0.0)
      sshkit-interactive (~> 0.3.0)
    capistrano-rbenv (2.2.0)
      capistrano (~> 3.1)
      sshkit (~> 1.3)
    capistrano-shell (0.2.0)
      capistrano (~> 3.1)
    cash-addr (0.2.0)
      base58 (~> 0.2.2)
    clamp (1.3.2)
    coderay (1.1.3)
    composite_primary_keys (12.0.10)
      activerecord (~> 6.0.0)
    concurrent-ruby (1.1.10)
    connection_pool (2.2.5)
    cookiejar (0.3.3)
    crack (0.4.5)
      rexml
    crass (1.0.6)
    daemons (1.4.1)
    database_cleaner-active_record (2.0.1)
      activerecord (>= 5.a)
      database_cleaner-core (~> 2.0.0)
    database_cleaner-core (2.0.1)
    diff-lcs (1.5.0)
    digest-sha3 (1.1.0)
    dotenv (2.7.6)
    dry-configurable (0.14.0)
      concurrent-ruby (~> 1.0)
      dry-core (~> 0.6)
    dry-container (0.9.0)
      concurrent-ruby (~> 1.0)
      dry-configurable (~> 0.13, >= 0.13.0)
    dry-core (0.7.1)
      concurrent-ruby (~> 1.0)
    dry-inflector (0.2.1)
    dry-logic (1.2.0)
      concurrent-ruby (~> 1.0)
      dry-core (~> 0.5, >= 0.5)
    dry-types (1.5.1)
      concurrent-ruby (~> 1.0)
      dry-container (~> 0.3)
      dry-core (~> 0.5, >= 0.5)
      dry-inflector (~> 0.1, >= 0.1.2)
      dry-logic (~> 1.0, >= 1.0.2)
    ed25519 (1.3.0)
    em-http-request (1.1.7)
      addressable (>= 2.3.4)
      cookiejar (!= 0.3.1)
      em-socksify (>= 0.3)
      eventmachine (>= 1.0.3)
      http_parser.rb (>= 0.6.0)
    em-socksify (0.3.2)
      eventmachine (>= 1.0.0.beta.4)
    em-synchrony (1.0.6)
      eventmachine (>= 1.0.0.beta.1)
    em-websocket (0.5.3)
      eventmachine (>= 0.12.9)
      http_parser.rb (~> 0)
    email_validator (1.6.0)
      activemodel
    enumerize (2.2.2)
      activesupport (>= 3.2)
    env-tweaks (1.0.1)
      activesupport (>= 3.0, < 7.0)
    erubi (1.10.0)
    eth (0.4.16)
      ffi (~> 1.15)
      keccak (~> 1.2)
      money-tree (~> 0.10)
      rlp (~> 0.7)
      scrypt (~> 3.0)
    eventmachine (1.2.7)
    factory_bot (6.2.1)
      activesupport (>= 5.0.0)
    factory_bot_rails (6.2.0)
      factory_bot (~> 6.2.0)
      railties (>= 5.0.0)
    faker (1.9.6)
      i18n (>= 0.7)
    faraday (1.10.0)
      faraday-em_http (~> 1.0)
      faraday-em_synchrony (~> 1.0)
      faraday-excon (~> 1.1)
      faraday-httpclient (~> 1.0)
      faraday-multipart (~> 1.0)
      faraday-net_http (~> 1.0)
      faraday-net_http_persistent (~> 1.0)
      faraday-patron (~> 1.0)
      faraday-rack (~> 1.0)
      faraday-retry (~> 1.0)
      ruby2_keywords (>= 0.0.4)
    faraday-detailed_logger (2.3.0)
      faraday (>= 0.8, < 2)
    faraday-em_http (1.0.0)
    faraday-em_synchrony (1.0.0)
    faraday-excon (1.1.0)
    faraday-httpclient (1.0.1)
    faraday-multipart (1.0.3)
      multipart-post (>= 1.2, < 3)
    faraday-net_http (1.0.1)
    faraday-net_http_persistent (1.2.0)
    faraday-patron (1.0.0)
    faraday-rack (1.0.0)
    faraday-retry (1.0.3)
    faraday_curl (0.0.2)
      faraday (>= 0.9.0)
    faraday_middleware (1.2.0)
      faraday (~> 1.0)
    faye (1.4.0)
      cookiejar (>= 0.3.0)
      em-http-request (>= 1.1.6)
      eventmachine (>= 0.12.0)
      faye-websocket (>= 0.11.0)
      multi_json (>= 1.0.0)
      rack (>= 1.0.0)
      websocket-driver (>= 0.5.1)
    faye-websocket (0.11.1)
      eventmachine (>= 0.12.0)
      websocket-driver (>= 0.5.1)
    ffi (1.15.0)
    ffi-compiler (1.0.1)
      ffi (>= 1.0.0)
      rake
    figaro (1.2.0)
      thor (>= 0.14.0, < 2)
    foreman (0.87.2)
    formatador (0.3.0)
    globalid (1.0.0)
      activesupport (>= 5.0)
    god (0.13.7)
    grape (1.5.3)
      activesupport
      builder
      dry-types (>= 1.1)
      mustermann-grape (~> 1.0.0)
      rack (>= 1.3.0)
      rack-accept
    grape-entity (0.10.1)
      activesupport (>= 3.0.0)
      multi_json (>= 1.3.2)
    grape-swagger (1.4.0)
      grape (~> 1.3)
    grape-swagger-entity (0.5.1)
      grape-entity (>= 0.6.0)
      grape-swagger (>= 1.2.0)
    grape_logging (1.8.4)
      grape
      rack
    grape_on_rails_routes (0.3.2)
      rails (>= 3.1.1)
    guard (2.18.0)
      formatador (>= 0.2.4)
      listen (>= 2.7, < 4.0)
      lumberjack (>= 1.0.12, < 2.0)
      nenv (~> 0.1)
      notiffany (~> 0.0)
      pry (>= 0.13.0)
      shellany (~> 0.0)
      thor (>= 0.18.1)
    guard-compat (1.2.1)
    guard-rubocop (1.5.0)
      guard (~> 2.0)
      rubocop (< 2.0)
    hashdiff (1.0.1)
    hashie (3.6.0)
    hiredis (0.6.3)
    http_accept_language (2.1.1)
    http_parser.rb (0.8.0)
    i18n (1.10.0)
      concurrent-ruby (~> 1.0)
    influxdb (0.7.0)
    influxer (1.3.0)
      activemodel (>= 3.2.0)
      anyway_config (>= 2.0)
      influxdb (~> 0.3)
    io-console (0.5.11)
    irb (1.4.1)
      reline (>= 0.3.0)
    json (2.6.1)
    jwt (2.3.0)
    jwt-multisig (1.0.5)
      activesupport (>= 4.0)
      jwt (~> 2.2)
    jwt-rack (0.1.1)
      jwt (~> 2.2)
      rack
    kaminari (1.2.1)
      activesupport (>= 4.1.0)
      kaminari-actionview (= 1.2.1)
      kaminari-activerecord (= 1.2.1)
      kaminari-core (= 1.2.1)
    kaminari-actionview (1.2.1)
      actionview
      kaminari-core (= 1.2.1)
    kaminari-activerecord (1.2.1)
      activerecord
      kaminari-core (= 1.2.1)
    kaminari-core (1.2.1)
    keccak (1.2.2)
    listen (3.1.5)
      rb-fsevent (~> 0.9, >= 0.9.4)
      rb-inotify (~> 0.9, >= 0.9.7)
      ruby_dep (~> 1.2)
    loofah (2.18.0)
      crass (~> 1.0.2)
      nokogiri (>= 1.5.9)
    lumberjack (1.2.8)
    mail (2.7.1)
      mini_mime (>= 0.1.1)
    marcel (1.0.2)
    memoist (0.16.2)
    method-not-implemented (1.0.1)
    method_source (1.0.0)
    mini_mime (1.1.2)
    mini_portile2 (2.8.0)
    minitest (5.15.0)
    mocha (1.12.0)
    money-tree (0.10.0)
      ffi
    msgpack (1.5.1)
    multi_json (1.15.0)
    multipart-post (2.1.1)
    mustermann (1.1.1)
      ruby2_keywords (~> 0.0.1)
    mustermann-grape (1.0.1)
      mustermann (>= 1.0.0)
    nenv (0.3.0)
    net-http-persistent (4.0.1)
      connection_pool (~> 2.2)
    net-scp (3.0.0)
      net-ssh (>= 2.6.5, < 7.0.0)
    net-ssh (6.1.0)
    nio4r (2.5.8)
    nokogiri (1.13.6)
      mini_portile2 (~> 2.8.0)
      racc (~> 1.4)
    notiffany (0.1.3)
      nenv (~> 0.1)
      shellany (~> 0.0)
    parallel (1.22.1)
    parallel_tests (3.7.1)
      parallel
    parser (3.1.2.0)
      ast (~> 2.4.1)
    pg (1.3.5)
    polyamorous (2.3.2)
      activerecord (>= 5.2.1)
    prometheus-client (4.0.0)
    pry (0.13.1)
      coderay (~> 1.1)
      method_source (~> 1.0)
    pry-byebug (3.9.0)
      byebug (~> 11.0)
      pry (~> 0.13.0)
    pry-rails (0.3.9)
      pry (>= 0.10.4)
    public_suffix (4.0.7)
    puma (5.6.4)
      nio4r (~> 2.0)
    racc (1.6.0)
    rack (2.2.3.1)
    rack-accept (0.4.5)
      rack (>= 0.4)
    rack-attack (6.6.0)
      rack (>= 1.0, < 3)
    rack-cors (1.0.6)
      rack (>= 1.6.0)
    rack-test (1.1.0)
      rack (>= 1.0, < 3)
    rails (6.0.5)
      actioncable (= 6.0.5)
      actionmailbox (= 6.0.5)
      actionmailer (= 6.0.5)
      actionpack (= 6.0.5)
      actiontext (= 6.0.5)
      actionview (= 6.0.5)
      activejob (= 6.0.5)
      activemodel (= 6.0.5)
      activerecord (= 6.0.5)
      activestorage (= 6.0.5)
      activesupport (= 6.0.5)
      bundler (>= 1.3.0)
      railties (= 6.0.5)
      sprockets-rails (>= 2.0.0)
    rails-dom-testing (2.0.3)
      activesupport (>= 4.2.0)
      nokogiri (>= 1.6)
    rails-html-sanitizer (1.4.2)
      loofah (~> 2.3)
    railties (6.0.5)
      actionpack (= 6.0.5)
      activesupport (= 6.0.5)
      method_source
      rake (>= 0.8.7)
      thor (>= 0.20.3, < 2.0)
    rainbow (3.1.1)
    rake (13.0.6)
    ransack (2.3.2)
      activerecord (>= 5.2.1)
      activesupport (>= 5.2.1)
      i18n
      polyamorous (= 2.3.2)
    rb-fsevent (0.10.4)
    rb-inotify (0.10.1)
      ffi (~> 1.0)
    rbtree (0.4.4)
    redis (4.1.4)
    redlock (1.2.2)
      redis (>= 3.0.0, < 5.0)
    regexp_parser (2.5.0)
    reline (0.3.1)
      io-console (~> 0.5)
    request_store (1.5.0)
      rack (>= 1.4)
    rexml (3.2.5)
    rlp (0.7.3)
    rspec (3.11.0)
      rspec-core (~> 3.11.0)
      rspec-expectations (~> 3.11.0)
      rspec-mocks (~> 3.11.0)
    rspec-core (3.11.0)
      rspec-support (~> 3.11.0)
    rspec-expectations (3.11.0)
      diff-lcs (>= 1.2.0, < 2.0)
      rspec-support (~> 3.11.0)
    rspec-json_expectations (2.2.0)
    rspec-mocks (3.11.1)
      diff-lcs (>= 1.2.0, < 2.0)
      rspec-support (~> 3.11.0)
    rspec-rails (5.1.2)
      actionpack (>= 5.2)
      activesupport (>= 5.2)
      railties (>= 5.2)
      rspec-core (~> 3.10)
      rspec-expectations (~> 3.10)
      rspec-mocks (~> 3.10)
      rspec-support (~> 3.10)
    rspec-retry (0.6.2)
      rspec-core (> 3.3)
    rspec-support (3.11.0)
    rubocop (1.30.1)
      parallel (~> 1.10)
      parser (>= 3.1.0.0)
      rainbow (>= 2.2.2, < 4.0)
      regexp_parser (>= 1.8, < 3.0)
      rexml (>= 3.2.5, < 4.0)
      rubocop-ast (>= 1.18.0, < 2.0)
      ruby-progressbar (~> 1.7)
      unicode-display_width (>= 1.4.0, < 3.0)
    rubocop-ast (1.18.0)
      parser (>= 3.1.1.0)
    rubocop-performance (1.14.2)
      rubocop (>= 1.7.0, < 2.0)
      rubocop-ast (>= 0.4.0)
    rubocop-rails (2.15.0)
      activesupport (>= 4.2.0)
      rack (>= 1.1)
      rubocop (>= 1.7.0, < 2.0)
    rubocop-rspec (2.11.1)
      rubocop (~> 1.19)
    ruby-next-core (0.15.1)
    ruby-progressbar (1.11.0)
    ruby2_keywords (0.0.5)
    ruby_dep (1.5.0)
    safe_yaml (1.0.5)
    scrypt (3.0.7)
      ffi-compiler (>= 1.0, < 2.0)
    sd_notify (0.1.1)
    semver2 (3.4.2)
    shellany (0.0.1)
    slack-notifier (2.4.0)
    slackistrano (4.0.1)
      capistrano (>= 3.8.1)
    sprockets (4.0.3)
      concurrent-ruby (~> 1.0)
      rack (> 1, < 3)
    sprockets-rails (3.4.2)
      actionpack (>= 5.2)
      activesupport (>= 5.2)
      sprockets (>= 3.0.0)
    sshkit (1.21.2)
      net-scp (>= 1.1.2)
      net-ssh (>= 2.8.0)
    sshkit-interactive (0.3.0)
      sshkit (~> 1.12)
    strip_attributes (1.11.0)
      activemodel (>= 3.0, < 7.0)
    test-prof (1.0.7)
    thin (1.8.1)
      daemons (~> 1.0, >= 1.0.9)
      eventmachine (~> 1.0, >= 1.0.4)
      rack (>= 1, < 3)
    thor (1.2.1)
    thread_safe (0.3.6)
    timecop (0.9.5)
    tzinfo (1.2.9)
      thread_safe (~> 0.1)
    unicode-display_width (2.1.0)
    uniform_notifier (1.16.0)
    validate_url (1.0.13)
      activemodel (>= 3.0.0)
      public_suffix
    validates_lengths_from_database (0.7.0)
      activerecord (>= 3)
    vault (0.16.0)
      aws-sigv4
    vault-rails (0.7.1)
      activesupport (>= 5.0)
      vault (~> 0.14)
    vcr (6.0.0)
    webmock (3.14.0)
      addressable (>= 2.8.0)
      crack (>= 0.3.2)
      hashdiff (>= 0.4.0, < 2.0.0)
    websocket-driver (0.7.5)
      websocket-extensions (>= 0.1.0)
    websocket-extensions (0.1.5)
    zeitwerk (2.6.0)

PLATFORMS
  ruby

DEPENDENCIES
  aasm (~> 5.2.0)
  active_record_upsert
  addressable (>= 2.8.0)
  adequate_crypto_address
  after_commit_everywhere (~> 1.1)
  amazing_print
  annotate
  base58 (~> 0.2.3)
  bitzlato!
  bootsnap (>= 1.1.0)
  brakeman
  bugsnag
  bugsnag-capistrano
  bullet
  bump (~> 0.7)
  bundler-audit
  bunny (~> 2.14.1)
  cancancan (~> 3.1.0)
  capistrano
  capistrano-bundler
  capistrano-db-tasks
  capistrano-dotenv
  capistrano-dotenv-tasks
  capistrano-git-with-submodules
  capistrano-rails
  capistrano-rails-console
  capistrano-rbenv
  capistrano-shell
  capistrano-systemd-multiservice!
  capistrano-tasks!
  capistrano3-puma!
  cash-addr (~> 0.2.0)
  composite_primary_keys
  database_cleaner-active_record
  digest-sha3 (~> 1.1.0)
  dotenv
  em-synchrony (~> 1.0)
  email_validator (~> 1.6.0)
  enumerize (~> 2.2.2)
  env-tweaks (~> 1.0.0)
  eth (~> 0.4.16)
  eventmachine (~> 1.2)
  factory_bot_rails
  faker (~> 1.8)
  faraday
  faraday-detailed_logger (~> 2.3)
  faraday_curl (~> 0.0.2)
  faraday_middleware
  faye (~> 1.4)
  figaro (~> 1.2)
  foreman
  god (~> 0.13.7)
  grape (~> 1.5, >= 1.5.3)
  grape-entity (~> 0.10.1)
  grape-swagger (~> 1.4)
  grape-swagger-entity (~> 0.5.1)
  grape_logging (~> 1.8, >= 1.8.4)
  grape_on_rails_routes (~> 0.3.2)
  guard
  guard-rspec!
  guard-rubocop
  hashie (~> 3.6.0)
  hiredis (~> 0.6.0)
  http_accept_language (~> 2.1)
  influxdb (~> 0.7.0)
  influxer (~> 1.2)
  irb
  jwt (~> 2.3.0)
  jwt-multisig (~> 1.0.0)
  jwt-rack (~> 0.1.0)
  kaminari (~> 1.2.1)
  listen (>= 3.0.5, < 3.2)
  memoist (~> 0.16.0)
  method-not-implemented (~> 1.0.1)
  mocha (~> 1.8)
  money!
  money-tree (~> 0.10)
  net-http-persistent (~> 4.0.1)
  parallel_tests
  peatio!
  pg (~> 1.2)
  pry-byebug (~> 3.7)
  pry-rails
  puma (~> 5.0)
  rack-attack (~> 6.6.0)
  rack-cors (~> 1.0.6)
  rails (~> 6.0.4)
  ransack (~> 2.3.2)
  rbtree (~> 0.4.2)
  redis (~> 4.1.2)
  redlock (~> 1.2)
  request_store (~> 1.5)
  rexml (>= 3.2.5)
  rspec
  rspec-json_expectations
  rspec-rails
  rspec-retry (~> 0.6)
  rubocop
  rubocop-performance
  rubocop-rails
  rubocop-rspec
  safe_yaml (~> 1.0.5)
  sd_notify (~> 0.1.1)
  semver2 (~> 3.4)
  slack-notifier (~> 2.4)
  slackistrano
  solana!
  strip_attributes
  test-prof (~> 1.0)
  timecop (~> 0.9)
  validate_url (~> 1.0.4)
  validates_lengths_from_database (~> 0.7.0)
  vault (~> 0.16)
  vault-rails (~> 0.7.1)
  vcr (~> 6.0)
  webmock (~> 3.5)

RUBY VERSION
   ruby 2.7.5p203

BUNDLED WITH
   2.2.33
